PATH
  remote: .
  specs:
    papertrail-cli (0.1.0)
      faraday
      json
      typhoeus
      yajl-ruby

GEM
  remote: http://rubygems.org/
  specs:
    addressable (2.2.4)
    faraday (0.5.5)
      addressable (~> 2.2.4)
      multipart-post (~> 1.1.0)
      rack (>= 1.1.0, < 2)
    json (1.5.1)
    multipart-post (1.1.0)
    rack (1.2.1)
    typhoeus (0.2.0)
    yajl-ruby (0.7.8)

PLATFORMS
  ruby

DEPENDENCIES
  faraday
  json
  papertrail-cli!
  typhoeus
  yajl-ruby
